PATH
  remote: .
  specs:
    alien (0.1.0)

GEM
  remote: https://rubygems.org/
  specs:
    amq-protocol (2.3.2)
    bunny (2.15.0)
      amq-protocol (~> 2.3, >= 2.3.1)
    diff-lcs (1.4.4)
    rake (12.3.3)
    rspec (3.9.0)
      rspec-core (~> 3.9.0)
      rspec-expectations (~> 3.9.0)
      rspec-mocks (~> 3.9.0)
    rspec-core (3.9.2)
      rspec-support (~> 3.9.3)
    rspec-expectations (3.9.2)
      diff-lcs (>= 1.2.0, < 2.0)
      rspec-support (~> 3.9.0)
    rspec-mocks (3.9.1)
      diff-lcs (>= 1.2.0, < 2.0)
      rspec-support (~> 3.9.0)
    rspec-support (3.9.3)

PLATFORMS
  ruby

DEPENDENCIES
  alien!
  bundler (~> 2.0)
  bunny (>= 2.14.1)
  rake (~> 12.3.3)
  rspec (~> 3.0)

BUNDLED WITH
   2.1.2
